PATH
  remote: .
  specs:
    json_assertions (0.1)

GEM
  remote: https://rubygems.org/
  specs:
    minitest (5.11.3)

PLATFORMS
  ruby

DEPENDENCIES
  json_assertions!
  minitest
